GEM
  remote: http://rubygems.org/
  specs:
    activesupport (3.0.10)
    git (1.2.5)
    jeweler (1.6.4)
      bundler (~> 1.0)
      git (>= 1.2.5)
      rake
    json (1.5.3)
    libxml-ruby (2.2.1)
    libxml-ruby (2.2.1-x86-mingw32)
    rake (0.8.7)
    rdoc (3.9.3)
    redcarpet (1.17.2)
    ruby-mp3info (0.6.15)

PLATFORMS
  ruby
  x86-mingw32

DEPENDENCIES
  activesupport
  bundler (~> 1.0.0)
  jeweler (~> 1.6.4)
  json
  libxml-ruby
  rake (= 0.8.7)
  rdoc
  redcarpet
  ruby-mp3info
